GEM
  remote: https://rubygems.org/
  specs:
    bootstrap-sass (2.0.3.1)

PLATFORMS
  ruby

DEPENDENCIES
  bootstrap-sass
